GEM
  remote: https://rubygems.org/
  specs:
    pdf-core (0.9.0)
    prawn (2.4.0)
      pdf-core (~> 0.9.0)
      ttfunk (~> 1.7)
    ttfunk (1.7.0)

PLATFORMS
  arm64-darwin-22

DEPENDENCIES
  prawn

RUBY VERSION
   ruby 3.2.2p53

BUNDLED WITH
   2.4.12
